GEM
  remote: https://rubygems.org/
  specs:
    backports (3.23.0)
    bcrypt (3.1.18)
    erubis (2.7.0)
    multi_json (1.15.0)
    nio4r (2.5.8)
    puma (5.6.5)
      nio4r (~> 2.0)
    rack (1.6.13)
    rack-protection (1.5.5)
      rack
    rack-test (2.0.2)
      rack (>= 1.3)
    redcarpet (3.5.1)
    sinatra (1.4.8)
      rack (~> 1.5)
      rack-protection (~> 1.4)
      tilt (>= 1.3, < 3)
    sinatra-contrib (1.4.7)
      backports (>= 2.0)
      multi_json
      rack-protection
      rack-test
      sinatra (~> 1.4.0)
      tilt (>= 1.3, < 3)
    tilt (2.0.11)
    yaml (0.2.0)

PLATFORMS
  x86_64-linux

DEPENDENCIES
  bcrypt
  erubis
  puma
  rack-test
  redcarpet
  sinatra (~> 1.4.7)
  sinatra-contrib
  yaml

RUBY VERSION
   ruby 2.7.4p191

BUNDLED WITH
   2.3.22
